NUGET
  remote: http://nuget.org/api/v2
  specs:
    FAKE (3.11.3)
    FSharp.Compiler.Service (0.0.80)
    FSharp.Core (3.1.2)
    FSharp.Formatting (2.4.33)
      FSharp.Compiler.Service (>= 0.0.62)
      Microsoft.AspNet.Razor (2.0.30506.0)
      RazorEngine (3.3.0)
    Microsoft.AspNet.Razor (2.0.30506.0)
    Microsoft.AspNet.WebApi.Client (5.1.2)
      Microsoft.Net.Http (>= 2.2.13)
      Newtonsoft.Json (>= 4.5.11)
    Microsoft.AspNet.WebApi.Core (5.1.2)
      Microsoft.AspNet.WebApi.Client (>= 5.1.2)
    Microsoft.Bcl (1.1.9)
      Microsoft.Bcl.Build (>= 1.0.14)
    Microsoft.Bcl.Build (1.0.21)
    Microsoft.Net.Http (2.2.28)
      Microsoft.Bcl (>= 1.1.9)
      Microsoft.Bcl.Build (>= 1.0.14)
    MSBuild.Extension.Pack (1.3.0)
    Newtonsoft.Json (6.0.3)
    NuGet.CommandLine (2.8.3)
    NUnit (2.6.3)
    NUnit.Runners (2.6.3)
    RazorEngine (3.3.0)
      Microsoft.AspNet.Razor (>= 2.0.30506.0)
    SourceLink.Fake (0.4.2)
    Unquote (2.2.2)
