REDIRECTS: ON
FRAMEWORK: >= NET45
NUGET
  remote: http://www.nuget.org/api/v2
    FAKE (4.45.1)
    FSharp.Compiler.Service (8.0)
      System.Collections.Immutable (>= 1.2)
      System.Reflection.Metadata (>= 1.4.1-beta-24227-04)
    FSharp.Core (3.1.2.5)
    FSharp.Formatting (2.10)
      FSharp.Compiler.Service (>= 0.0.87)
      FSharpVSPowerTools.Core (1.8)
    FSharpVSPowerTools.Core (1.8)
      FSharp.Compiler.Service (>= 0.0.87)
    Microsoft.AspNet.Razor (2.0.30506)
    Microsoft.AspNet.WebApi.Client (5.1.2)
      Newtonsoft.Json (>= 4.5.11)
    Microsoft.AspNet.WebApi.Core (5.1.2)
      Microsoft.AspNet.WebApi.Client (>= 5.1.2)
    Newtonsoft.Json (6.0.3)
    NuGet.CommandLine (3.4.3)
    NUnit (3.5)
    NUnit.ConsoleRunner (3.5)
    NUnit.Extension.NUnitProjectLoader (3.5)
    NUnit.Extension.NUnitV2Driver (3.5)
    NUnit.Extension.NUnitV2ResultWriter (3.5)
    NUnit.Extension.TeamCityEventListener (1.0.2)
    NUnit.Extension.VSProjectLoader (3.5)
    NUnit.Runners (3.5)
      NUnit.ConsoleRunner (>= 3.5)
      NUnit.Extension.NUnitProjectLoader (>= 3.5)
      NUnit.Extension.NUnitV2Driver (>= 3.5)
      NUnit.Extension.NUnitV2ResultWriter (>= 3.5)
      NUnit.Extension.TeamCityEventListener (>= 1.0.2)
      NUnit.Extension.VSProjectLoader (>= 3.5)
    RazorEngine (3.3)
      Microsoft.AspNet.Razor (>= 2.0.30506)
    SourceLink.Fake (1.1)
    System.Collections.Immutable (1.3.0-preview1-24530-04)
    System.Reflection.Metadata (1.4.1-preview1-24530-04)
      System.Collections.Immutable (>= 1.3.0-preview1-24530-04)
    Unquote (2.2.2)
